GEM
  remote: http://rubygems.org/
  specs:
    backports (2.3.0)
    haml (3.1.3)
    json_pure (1.6.1)
    monkey-lib (0.5.4)
      backports
    rack (1.3.3)
    rack-protection (1.1.1)
      rack
    redis (2.2.2)
    sinatra (1.3.0)
      rack (~> 1.3)
      rack-protection (~> 1.1)
      tilt (~> 1.3)
    sinatra-advanced-routes (0.5.1)
      monkey-lib (~> 0.5.0)
      sinatra (~> 1.0)
      sinatra-sugar (~> 0.5.0)
    sinatra-redis (0.3.0)
      redis
      sinatra (>= 0.9.4)
    sinatra-reloader (0.5.0)
      sinatra (~> 1.0)
      sinatra-advanced-routes (~> 0.5.0)
    sinatra-sugar (0.5.1)
      monkey-lib (~> 0.5.0)
      sinatra (~> 1.0)
    tilt (1.3.3)

PLATFORMS
  ruby

DEPENDENCIES
  haml (~> 3.1)
  json_pure
  sinatra (~> 1.2)
  sinatra-redis
  sinatra-reloader
